GEM
  remote: http://rubygems.org/
  specs:
    addressable (2.2.8)
    bacon (1.1.0)
    git (1.2.5)
    jeweler (1.5.2)
      bundler (~> 1.0.0)
      git (>= 1.2.5)
      rake
    json (1.4.6)
    json (1.4.6-java)
    libwebsocket (0.1.3)
      addressable
    rake (0.8.7)
    rcov (0.9.9)
    rcov (0.9.9-java)
    ruby-hmac (0.4.0)

PLATFORMS
  java
  ruby

DEPENDENCIES
  bacon
  bundler (~> 1.0.0)
  jeweler (~> 1.5.2)
  json
  libwebsocket (~> 0.1.3)
  rcov
  ruby-hmac
